GEM
  specs:

PLATFORMS
  arm64-darwin-23

DEPENDENCIES

BUNDLED WITH
   2.3.26
